GEM
  remote: https://rubygems.org/
  specs:
    rake (12.0.0)

PLATFORMS
  ruby

DEPENDENCIES
  rake (= 12.0.0)

RUBY VERSION
   ruby 2.4.0p0

BUNDLED WITH
   1.14.3
